GEM
  remote: https://rubygems.org/
  specs:
    rubyzip (2.3.2)

PLATFORMS
  x64-mingw32

DEPENDENCIES
  rubyzip (~> 2)

BUNDLED WITH
   2.1.4
